GEM
  remote: http://rubygems.org/
  specs:
    Ascii85 (1.0.1)
    json (2.0.2)
    pdf-reader (0.10.1)
      Ascii85 (~> 1.0.0)
    prawn (0.12.0)
      pdf-reader (>= 0.9.0)
      ttfunk (~> 1.0.2)
    prawn-table (0.2.1)
    ttfunk (1.0.3)
    xml-simple (1.1.5)

PLATFORMS
  ruby

DEPENDENCIES
  json
  prawn
  prawn-table
  xml-simple

BUNDLED WITH
   1.12.5
